GEM
  remote: https://rubygems.org/
  specs:
    cfndsl (0.15.2)
    rake (10.5.0)

PLATFORMS
  ruby

DEPENDENCIES
  cfndsl
  rake

BUNDLED WITH
   1.15.4
